GEM
  remote: https://rubygems.org/
  specs:
    nokogiri (1.5.6)
    parallel (0.6.2)

PLATFORMS
  ruby

DEPENDENCIES
  nokogiri
  parallel
